GEM
  remote: https://rubygems.org/
  specs:
    minitest (5.14.4)

PLATFORMS
  arm64-darwin-22
  x86_64-darwin-19
  x86_64-darwin-20

DEPENDENCIES
  minitest (~> 5.14.4)

BUNDLED WITH
   2.2.22
